GIT
  remote: https://cc1410cc030ed5cb335a19382443b322e8fd74ea:x-oauth-basic@github.com/kaplan-advance/bo-ruby
  revision: 424c55921346917a163e09a5c86c01da42255f2b
  specs:
    backoffice (0.3.1)
      activesupport
      faraday
      faraday_middleware
      thor

GEM
  remote: https://rubygems.org/
  specs:
    activesupport (5.0.1)
      concurrent-ruby (~> 1.0, >= 1.0.2)
      i18n (~> 0.7)
      minitest (~> 5.1)
      tzinfo (~> 1.1)
    concurrent-ruby (1.0.4)
    faraday (0.11.0)
      multipart-post (>= 1.2, < 3)
    faraday_middleware (0.11.0.1)
      faraday (>= 0.7.4, < 1.0)
    i18n (0.7.0)
    minitest (5.10.1)
    multipart-post (2.0.0)
    thor (0.19.4)
    thread_safe (0.3.5)
    tzinfo (1.2.2)
      thread_safe (~> 0.1)

PLATFORMS
  ruby

DEPENDENCIES
  backoffice!

BUNDLED WITH
   1.13.6
